GEM
  remote: http://rubygems.org/
  specs:
    RedCloth (4.2.9)
    activesupport (4.0.0)
      i18n (~> 0.6, >= 0.6.4)
      minitest (~> 4.2)
      multi_json (~> 1.3)
      thread_safe (~> 0.1)
      tzinfo (~> 0.3.37)
    atomic (1.1.10)
    fetcher (0.1.0)
    gli (2.7.0)
    i18n (0.6.4)
    kramdown (1.1.0)
    logutils (0.6.0)
    markdown (1.1.1)
      kramdown (>= 1.0.2)
      props (>= 1.0.0)
      textutils (>= 0.6.4)
    minitest (4.7.5)
    multi_json (1.7.7)
    pakman (0.4.0)
      fetcher (>= 0.1.0)
    props (1.0.0)
    slideshow (2.1.0)
      RedCloth (>= 4.2.9)
      activesupport (>= 3.2.6)
      gli (>= 2.5.6)
      logutils (>= 0.6.0)
      markdown (>= 1.0.0)
      pakman (>= 0.4.0)
      props (>= 1.0.0)
      textutils (>= 0.2.0)
    textutils (0.6.6)
      logutils (~> 0.5)
    thread_safe (0.1.0)
      atomic
    tzinfo (0.3.37)

PLATFORMS
  ruby

DEPENDENCIES
  slideshow
